GEM
  specs:
    gemoji (2.1.0)

PLATFORMS
  ruby

DEPENDENCIES
  gemoji

BUNDLED WITH
   1.10.6
